GEM
  remote: https://rubygems.org/
  specs:
    bcrypt (3.1.20)
    bigdecimal (3.1.6)
    dotenv (3.0.2)
    json (2.7.1)
    pg (1.5.5)
    rack (3.0.9.1)
    sequel (5.77.0)
      bigdecimal

PLATFORMS
  ruby
  x86_64-linux

DEPENDENCIES
  bcrypt (~> 3.1)
  dotenv (~> 3.0)
  json (~> 2.7)
  pg (~> 1.5)
  rack (~> 3.0)
  sequel (~> 5.77)

RUBY VERSION
   ruby 3.3.0p0

BUNDLED WITH
   2.5.3
