GEM
  remote: https://rubygems.org/
  specs:
    base64 (0.2.0)
    bcrypt (3.1.20)
    bigdecimal (3.1.6)
    dotenv (3.0.2)
    json (2.7.1)
    jwt (2.8.0)
      base64
    pg (1.5.5)
    rack (3.0.9.1)
    rackup (2.1.0)
      rack (>= 3)
      webrick (~> 1.8)
    sequel (5.77.0)
      bigdecimal
    webrick (1.8.1)

PLATFORMS
  ruby
  x86_64-linux

DEPENDENCIES
  bcrypt (~> 3.1)
  dotenv (~> 3.0)
  json (~> 2.7)
  jwt (~> 2.8)
  pg (~> 1.5)
  rack (~> 3.0)
  rackup (~> 2.1)
  sequel (~> 5.77)

RUBY VERSION
   ruby 3.3.0p0

BUNDLED WITH
   2.5.3
