GEM
  remote: https://rubygems.org/
  specs:
    rack (3.0.9.1)

PLATFORMS
  ruby
  x86_64-linux

DEPENDENCIES
  rack (~> 3.0)

RUBY VERSION
   ruby 3.3.0p0

BUNDLED WITH
   2.5.3
