GEM
  remote: https://rubygems.org/
  specs:
    dotenv (3.0.2)
    json (2.7.1)
    rack (3.0.9.1)

PLATFORMS
  ruby
  x86_64-linux

DEPENDENCIES
  dotenv (~> 3.0)
  json (~> 2.7)
  rack (~> 3.0)

RUBY VERSION
   ruby 3.3.0p0

BUNDLED WITH
   2.5.3
